GEM
  remote: https://rubygems.org/
  specs:
    backports (3.21.0)
    byebug (11.1.3)
    coderay (1.1.3)
    erubis (2.7.0)
    method_source (1.0.0)
    multi_json (1.15.0)
    pry (0.13.0)
      coderay (~> 1.1)
      method_source (~> 1.0)
    pry-byebug (3.9.0)
      byebug (~> 11.0)
      pry (~> 0.13.0)
    rack (1.6.13)
    rack-protection (1.5.5)
      rack
    rack-test (1.1.0)
      rack (>= 1.0, < 3)
    sinatra (1.4.8)
      rack (~> 1.5)
      rack-protection (~> 1.4)
      tilt (>= 1.3, < 3)
    sinatra-contrib (1.4.7)
      backports (>= 2.0)
      multi_json
      rack-protection
      rack-test
      sinatra (~> 1.4.0)
      tilt (>= 1.3, < 3)
    tilt (2.0.10)
    webrick (1.7.0)

PLATFORMS
  x86_64-darwin-18

DEPENDENCIES
  erubis
  pry (= 0.13.0)
  pry-byebug
  sinatra (~> 1.4.7)
  sinatra-contrib
  webrick

BUNDLED WITH
   2.2.31
